FRAMEWORK: NET45
NUGET
  remote: https://www.nuget.org/api/v2
    Deedle (1.2.5)
    FSharp.Core (4.0.0.1)
